GEM
  remote: https://rubygems.org/
  specs:
    classnamer (3.0.8)

PLATFORMS
  ruby

DEPENDENCIES
  classnamer

RUBY VERSION
   ruby 2.5.5p157

BUNDLED WITH
   1.17.3
