GEM
  remote: https://rubygems.org/
  specs:
    classnamer (3.0.8)

PLATFORMS
  ruby

DEPENDENCIES
  classnamer

BUNDLED WITH
   1.14.3
